STORAGE: NONE
RESTRICTION: == net9.0
NUGET
  remote: https://api.nuget.org/v3/index.json
    Akka (1.5.31)
      Akka.Analyzers (>= 0.2.5)
      Microsoft.Extensions.ObjectPool (>= 6.0.35)
      Newtonsoft.Json (>= 13.0.1)
      System.Collections.Immutable (>= 6.0)
      System.Configuration.ConfigurationManager (>= 6.0.1)
      System.Reflection.Emit (>= 4.7)
      System.Threading.Channels (>= 6.0)
    Akka.Analyzers (0.2.5)
    Akka.Cluster (1.5.31)
      Akka.Coordination (>= 1.5.31)
      Akka.Remote (>= 1.5.31)
    Akka.Cluster.Sharding (1.5.31)
      Akka.Cluster.Tools (>= 1.5.31)
      Akka.Coordination (>= 1.5.31)
      Akka.DistributedData (>= 1.5.31)
      Akka.DistributedData.LightningDB (>= 1.5.31)
      Akka.Persistence (>= 1.5.31)
    Akka.Cluster.Tools (1.5.31)
      Akka.Cluster (>= 1.5.31)
      Akka.Coordination (>= 1.5.31)
      Akka.Discovery (>= 1.5.31)
    Akka.Coordination (1.5.31)
      Akka (>= 1.5.31)
    Akka.Discovery (1.5.31)
      Akka (>= 1.5.31)
    Akka.DistributedData (1.5.31)
      Akka.Cluster (>= 1.5.31)
    Akka.DistributedData.LightningDB (1.5.31)
      Akka.DistributedData (>= 1.5.31)
      LightningDB (>= 0.16)
    Akka.Persistence (1.5.31)
      Akka (>= 1.5.31)
      Google.Protobuf (>= 3.26.1)
    Akka.Persistence.Query (1.5.31)
      Akka.Persistence (>= 1.5.31)
      Akka.Streams (>= 1.5.31)
    Akka.Persistence.Query.Sql (1.5.31)
      Akka.Persistence (>= 1.5.31)
      Akka.Persistence.Query (>= 1.5.31)
      Akka.Persistence.Sql.Common (>= 1.5.31)
    Akka.Persistence.Sql (1.5.30)
      Akka.Persistence.Query (>= 1.5.30)
      Akka.Streams (>= 1.5.30)
      LanguageExt.Core (>= 4.4.9)
      linq2db (>= 5.4.1)
      Microsoft.Bcl.HashCode (>= 1.1.1)
      System.Linq.Async (>= 6.0.1)
      System.Reactive.Linq (>= 6.0.1)
    Akka.Persistence.Sql.Common (1.5.31)
      Akka.Persistence (>= 1.5.31)
      System.Data.Common (>= 4.3)
      System.Text.RegularExpressions (>= 4.3.1)
    Akka.Remote (1.5.31)
      Akka (>= 1.5.31)
      DotNetty.Handlers (>= 0.7.6)
      Google.Protobuf (>= 3.26.1)
    Akka.Serialization.Hyperion (1.5.31)
      Akka (>= 1.5.31)
      Hyperion (>= 0.12.2)
    Akka.Streams (1.5.31)
      Akka (>= 1.5.31)
      Google.Protobuf (>= 3.26.1)
      Reactive.Streams (>= 1.0.4)
    Akkling (0.16.2)
      Akka (>= 1.5.27.1)
      Akka.Serialization.Hyperion (>= 1.5.27.1)
      FSharp.Core (>= 8.0.400)
    Akkling.Cluster.Sharding (0.16.2)
      Akka.Cluster.Sharding (>= 1.5.27.1)
      Akkling (>= 0.16.2)
      Akkling.DistributedData (>= 0.16.2)
      Akkling.Persistence (>= 0.16.2)
      FSharp.Core (>= 8.0.400)
    Akkling.DistributedData (0.16.2)
      Akka.DistributedData (>= 1.5.27.1)
      Akkling (>= 0.16.2)
      FSharp.Core (>= 8.0.400)
    Akkling.Persistence (0.16.2)
      Akka.Persistence (>= 1.5.27.1)
      Akkling (>= 0.16.2)
      Akkling.Streams (>= 0.16.2)
      FSharp.Core (>= 8.0.400)
    Akkling.Streams (0.16.2)
      Akka.Streams (>= 1.5.27.1)
      Akkling (>= 0.16.2)
      FSharp.Core (>= 8.0.400)
    DotNetty.Buffers (0.7.6)
      DotNetty.Common (>= 0.7.6)
      System.Runtime.CompilerServices.Unsafe (>= 5.0)
    DotNetty.Codecs (0.7.6)
      DotNetty.Buffers (>= 0.7.6)
      DotNetty.Common (>= 0.7.6)
      DotNetty.Transport (>= 0.7.6)
      System.Collections.Immutable (>= 1.5)
    DotNetty.Common (0.7.6)
      Microsoft.Extensions.Logging (>= 5.0)
      System.Runtime.CompilerServices.Unsafe (>= 5.0)
    DotNetty.Handlers (0.7.6)
      DotNetty.Buffers (>= 0.7.6)
      DotNetty.Codecs (>= 0.7.6)
      DotNetty.Common (>= 0.7.6)
      DotNetty.Transport (>= 0.7.6)
    DotNetty.Transport (0.7.6)
      DotNetty.Buffers (>= 0.7.6)
      DotNetty.Common (>= 0.7.6)
    Dynamitey (3.0.3)
      Microsoft.CSharp (>= 4.7)
      System.ComponentModel (>= 4.3)
    Fable.Package.SDK (1.3)
    FCQRS.Model (1.0.6)
      Fable.Package.SDK (>= 1.1)
      FSharp.Core (>= 8.0.401)
    FCQRS.Serialization (1.0.2)
      FSharp.SystemTextJson (>= 1.3.13)
    FSharp.Core (9.0.100)
    FSharp.Interop.Dynamic (5.0.1.268)
      Dynamitey (>= 2.0.10.189)
      FSharp.Core (>= 4.2.3)
      Microsoft.CSharp (>= 4.6)
    FSharp.SystemTextJson (1.3.13)
      FSharp.Core (>= 4.7)
      System.Text.Json (>= 6.0)
    FsToolkit.ErrorHandling (4.18)
      FSharp.Core (>= 7.0.300)
    Google.Protobuf (3.28.3)
    Hyperion (0.12.2)
      Microsoft.CSharp (>= 4.7)
      System.Collections.Immutable (>= 5.0)
      System.Runtime (>= 4.3.1)
      System.Runtime.Serialization.Primitives (>= 4.3)
    LanguageExt.Core (4.4.9)
      Microsoft.Bcl.AsyncInterfaces (>= 7.0)
      Microsoft.CSharp (>= 4.7)
      System.Diagnostics.Contracts (>= 4.3)
      System.Linq (>= 4.3)
      System.Linq.Queryable (>= 4.3)
      System.Memory (>= 4.5.5)
      System.Reflection.Emit (>= 4.7)
      System.Reflection.Emit.Lightweight (>= 4.7)
      System.Threading.Tasks.Extensions (>= 4.5.4)
      System.ValueTuple (>= 4.5)
    LightningDB (0.16)
      System.Memory (>= 4.5.5)
    linq2db (5.4.1)
    Microsoft.Bcl.AsyncInterfaces (9.0)
    Microsoft.Bcl.HashCode (6.0)
    Microsoft.CSharp (4.7)
    Microsoft.Data.SQLite (9.0)
      Microsoft.Data.Sqlite.Core (>= 9.0)
      SQLitePCLRaw.bundle_e_sqlite3 (>= 2.1.10)
      SQLitePCLRaw.core (>= 2.1.10)
    Microsoft.Data.Sqlite.Core (9.0)
      SQLitePCLRaw.core (>= 2.1.10)
    Microsoft.Extensions.Configuration (9.0)
      Microsoft.Extensions.Configuration.Abstractions (>= 9.0)
      Microsoft.Extensions.Primitives (>= 9.0)
    Microsoft.Extensions.Configuration.Abstractions (9.0)
      Microsoft.Extensions.Primitives (>= 9.0)
    Microsoft.Extensions.DependencyInjection (9.0)
      Microsoft.Extensions.DependencyInjection.Abstractions (>= 9.0)
    Microsoft.Extensions.DependencyInjection.Abstractions (9.0)
    Microsoft.Extensions.Logging (9.0)
      Microsoft.Extensions.DependencyInjection (>= 9.0)
      Microsoft.Extensions.Logging.Abstractions (>= 9.0)
      Microsoft.Extensions.Options (>= 9.0)
    Microsoft.Extensions.Logging.Abstractions (9.0)
      Microsoft.Extensions.DependencyInjection.Abstractions (>= 9.0)
    Microsoft.Extensions.ObjectPool (9.0)
    Microsoft.Extensions.Options (9.0)
      Microsoft.Extensions.DependencyInjection.Abstractions (>= 9.0)
      Microsoft.Extensions.Primitives (>= 9.0)
    Microsoft.Extensions.Primitives (9.0)
    Microsoft.NETCore.Platforms (7.0.4)
    Microsoft.NETCore.Targets (5.0)
    Newtonsoft.Json (13.0.3)
    Reactive.Streams (1.0.4)
    SQLitePCLRaw.bundle_e_sqlite3 (2.1.10)
      SQLitePCLRaw.lib.e_sqlite3 (>= 2.1.10)
      SQLitePCLRaw.provider.e_sqlite3 (>= 2.1.10)
    SQLitePCLRaw.core (2.1.10)
      System.Memory (>= 4.5.3)
    SQLitePCLRaw.lib.e_sqlite3 (2.1.10)
    SQLitePCLRaw.provider.e_sqlite3 (2.1.10)
      SQLitePCLRaw.core (>= 2.1.10)
    SQLProvider (1.4.2)
      FSharp.Core (>= 8.0.301)
      Newtonsoft.Json (>= 13.0.1)
    System.Collections (4.3)
      Microsoft.NETCore.Platforms (>= 1.1)
      Microsoft.NETCore.Targets (>= 1.1)
      System.Runtime (>= 4.3)
    System.Collections.Immutable (9.0)
    System.ComponentModel (4.3)
      System.Runtime (>= 4.3)
    System.Configuration.ConfigurationManager (9.0)
      System.Diagnostics.EventLog (>= 9.0)
      System.Security.Cryptography.ProtectedData (>= 9.0)
    System.Data.Common (4.3)
      System.Collections (>= 4.3)
      System.Globalization (>= 4.3)
      System.IO (>= 4.3)
      System.Resources.ResourceManager (>= 4.3)
      System.Runtime (>= 4.3)
      System.Runtime.Extensions (>= 4.3)
      System.Text.RegularExpressions (>= 4.3)
      System.Threading.Tasks (>= 4.3)
    System.Diagnostics.Contracts (4.3)
      System.Runtime (>= 4.3)
    System.Diagnostics.Debug (4.3)
      Microsoft.NETCore.Platforms (>= 1.1)
      Microsoft.NETCore.Targets (>= 1.1)
      System.Runtime (>= 4.3)
    System.Diagnostics.EventLog (9.0)
    System.Globalization (4.3)
      Microsoft.NETCore.Platforms (>= 1.1)
      Microsoft.NETCore.Targets (>= 1.1)
      System.Runtime (>= 4.3)
    System.IO (4.3)
      Microsoft.NETCore.Platforms (>= 1.1)
      Microsoft.NETCore.Targets (>= 1.1)
      System.Runtime (>= 4.3)
      System.Text.Encoding (>= 4.3)
      System.Threading.Tasks (>= 4.3)
    System.Linq (4.3)
      System.Collections (>= 4.3)
      System.Diagnostics.Debug (>= 4.3)
      System.Resources.ResourceManager (>= 4.3)
      System.Runtime (>= 4.3)
      System.Runtime.Extensions (>= 4.3)
    System.Linq.Async (6.0.1)
      Microsoft.Bcl.AsyncInterfaces (>= 6.0)
    System.Linq.Expressions (4.3)
      System.Collections (>= 4.3)
      System.Diagnostics.Debug (>= 4.3)
      System.Globalization (>= 4.3)
      System.IO (>= 4.3)
      System.Linq (>= 4.3)
      System.ObjectModel (>= 4.3)
      System.Reflection (>= 4.3)
      System.Reflection.Emit (>= 4.3)
      System.Reflection.Emit.ILGeneration (>= 4.3)
      System.Reflection.Emit.Lightweight (>= 4.3)
      System.Reflection.Extensions (>= 4.3)
      System.Reflection.Primitives (>= 4.3)
      System.Reflection.TypeExtensions (>= 4.3)
      System.Resources.ResourceManager (>= 4.3)
      System.Runtime (>= 4.3)
      System.Runtime.Extensions (>= 4.3)
      System.Threading (>= 4.3)
    System.Linq.Queryable (4.3)
      System.Collections (>= 4.3)
      System.Diagnostics.Debug (>= 4.3)
      System.Linq (>= 4.3)
      System.Linq.Expressions (>= 4.3)
      System.Reflection (>= 4.3)
      System.Reflection.Extensions (>= 4.3)
      System.Resources.ResourceManager (>= 4.3)
      System.Runtime (>= 4.3)
    System.Memory (4.6)
    System.ObjectModel (4.3)
      System.Collections (>= 4.3)
      System.Diagnostics.Debug (>= 4.3)
      System.Resources.ResourceManager (>= 4.3)
      System.Runtime (>= 4.3)
      System.Threading (>= 4.3)
    System.Reactive (6.0.1)
    System.Reactive.Linq (6.0.1)
      System.Reactive (>= 6.0.1)
      System.Threading.Tasks.Extensions (>= 4.5.4)
    System.Reflection (4.3)
      Microsoft.NETCore.Platforms (>= 1.1)
      Microsoft.NETCore.Targets (>= 1.1)
      System.IO (>= 4.3)
      System.Reflection.Primitives (>= 4.3)
      System.Runtime (>= 4.3)
    System.Reflection.Emit (4.7)
    System.Reflection.Emit.ILGeneration (4.7)
    System.Reflection.Emit.Lightweight (4.7)
    System.Reflection.Extensions (4.3)
      Microsoft.NETCore.Platforms (>= 1.1)
      Microsoft.NETCore.Targets (>= 1.1)
      System.Reflection (>= 4.3)
      System.Runtime (>= 4.3)
    System.Reflection.Primitives (4.3)
      Microsoft.NETCore.Platforms (>= 1.1)
      Microsoft.NETCore.Targets (>= 1.1)
      System.Runtime (>= 4.3)
    System.Reflection.TypeExtensions (4.7)
    System.Resources.ResourceManager (4.3)
      Microsoft.NETCore.Platforms (>= 1.1)
      Microsoft.NETCore.Targets (>= 1.1)
      System.Globalization (>= 4.3)
      System.Reflection (>= 4.3)
      System.Runtime (>= 4.3)
    System.Runtime (4.3.1)
      Microsoft.NETCore.Platforms (>= 1.1.1)
      Microsoft.NETCore.Targets (>= 1.1.3)
    System.Runtime.CompilerServices.Unsafe (6.1)
    System.Runtime.Extensions (4.3.1)
      Microsoft.NETCore.Platforms (>= 1.1.1)
      Microsoft.NETCore.Targets (>= 1.1.3)
      System.Runtime (>= 4.3.1)
    System.Runtime.Serialization.Primitives (4.3)
      System.Resources.ResourceManager (>= 4.3)
      System.Runtime (>= 4.3)
    System.Security.Cryptography.ProtectedData (9.0)
    System.Text.Encoding (4.3)
      Microsoft.NETCore.Platforms (>= 1.1)
      Microsoft.NETCore.Targets (>= 1.1)
      System.Runtime (>= 4.3)
    System.Text.Json (9.0)
    System.Text.RegularExpressions (4.3.1)
      System.Runtime (>= 4.3.1)
    System.Threading (4.3)
      System.Runtime (>= 4.3)
      System.Threading.Tasks (>= 4.3)
    System.Threading.Channels (9.0)
    System.Threading.Tasks (4.3)
      Microsoft.NETCore.Platforms (>= 1.1)
      Microsoft.NETCore.Targets (>= 1.1)
      System.Runtime (>= 4.3)
    System.Threading.Tasks.Extensions (4.6)
    System.ValueTuple (4.5)
